GEM
  remote: http://rubygems.org/
  specs:
    forgery (0.5.0)
    httparty (0.10.2)
      multi_json (~> 1.0)
      multi_xml (>= 0.5.2)
    json (1.7.7)
    macaddr (1.6.1)
      systemu (~> 2.5.0)
    multi_json (1.6.1)
    multi_xml (0.5.3)
    neography (1.0.7)
      httparty (>= 0.8.1)
      json (>= 1.6.0)
      multi_json (>= 1.3.2)
      os (>= 0.9.6)
      rake (>= 0.8.7)
      rubyzip (>= 0.9.7)
    os (0.9.6)
    rake (10.0.3)
    rubyzip (0.9.9)
    systemu (2.5.2)
    uuid (2.3.7)
      macaddr (~> 1.0)

PLATFORMS
  ruby

DEPENDENCIES
  forgery
  neography
  uuid
